GEM
  remote: https://rubygems.org/
  specs:
    aws-eventstream (1.2.0)
    aws-sigv4 (1.4.0)
      aws-eventstream (~> 1, >= 1.0.2)
    coderay (1.1.2)
    diff-lcs (1.3)
    docker-api (1.34.0)
      excon (>= 0.47.0)
      multi_json
    excon (0.60.0)
    method_source (0.9.0)
    minitar (0.6.1)
    multi_json (1.13.1)
    pry (0.11.3)
      coderay (~> 1.1.0)
      method_source (~> 0.9.0)
    rake (12.3.0)
    rb-readline (0.5.5)
    rspec (3.7.0)
      rspec-core (~> 3.7.0)
      rspec-expectations (~> 3.7.0)
      rspec-mocks (~> 3.7.0)
    rspec-core (3.7.1)
      rspec-support (~> 3.7.0)
    rspec-expectations (3.7.0)
      diff-lcs (>= 1.2.0, < 2.0)
      rspec-support (~> 3.7.0)
    rspec-mocks (3.7.0)
      diff-lcs (>= 1.2.0, < 2.0)
      rspec-support (~> 3.7.0)
    rspec-support (3.7.1)
    vault (0.16.0)
      aws-sigv4

PLATFORMS
  ruby

DEPENDENCIES
  docker-api
  minitar
  pry
  rake
  rb-readline
  rspec
  vault

BUNDLED WITH
   1.17.3
